GIT
  remote: https://github.com/whitered/acts_as_money.git
  revision: aac63cba6d2803a826e582a37146f6a0779f175f
  specs:
    acts_as_money (0.3.0)
      activerecord
      money

GIT
  remote: https://github.com/whitered/dotiw.git
  revision: 3bef7ca8282237dd499741879b601e2b054173eb
  specs:
    dotiw (1.1.0)
      actionpack (~> 3.0)

GIT
  remote: https://github.com/yaroslav/russian.git
  revision: 57af7fee22f9c324ac6313064c36e582d58ba8df
  specs:
    russian (0.2.7)

GEM
  remote: http://rubygems.org/
  specs:
    ZenTest (4.5.0)
    abstract (1.0.0)
    actionmailer (3.0.6)
      actionpack (= 3.0.6)
      mail (~> 2.2.15)
    actionpack (3.0.6)
      activemodel (= 3.0.6)
      activesupport (= 3.0.6)
      builder (~> 2.1.2)
      erubis (~> 2.6.6)
      i18n (~> 0.5.0)
      rack (~> 1.2.1)
      rack-mount (~> 0.6.14)
      rack-test (~> 0.5.7)
      tzinfo (~> 0.3.23)
    activemodel (3.0.6)
      activesupport (= 3.0.6)
      builder (~> 2.1.2)
      i18n (~> 0.5.0)
    activerecord (3.0.6)
      activemodel (= 3.0.6)
      activesupport (= 3.0.6)
      arel (~> 2.0.2)
      tzinfo (~> 0.3.23)
    activeresource (3.0.6)
      activemodel (= 3.0.6)
      activesupport (= 3.0.6)
    activesupport (3.0.6)
    acts_as_commentable_with_threading (1.1.1)
      activerecord (~> 3.0)
      activesupport (~> 3.0)
      moretea-awesome_nested_set
    arel (2.0.10)
    autotest-rails (4.1.0)
      ZenTest
    bcrypt-ruby (2.1.4)
    bcrypt-ruby (2.1.4-x86-mingw32)
    builder (2.1.2)
    capybara (0.4.1.2)
      celerity (>= 0.7.9)
      culerity (>= 0.2.4)
      mime-types (>= 1.16)
      nokogiri (>= 1.3.3)
      rack (>= 1.0.0)
      rack-test (>= 0.5.4)
      selenium-webdriver (>= 0.0.27)
      xpath (~> 0.1.3)
    celerity (0.8.9)
    childprocess (0.1.9)
      ffi (~> 1.0.6)
    chunky_png (1.2.0)
    compass (0.11.1)
      chunky_png (~> 1.1)
      fssm (>= 0.2.7)
      sass (~> 3.1)
    configuration (1.2.0)
    culerity (0.2.15)
    database_cleaner (0.6.7)
    devise (1.3.4)
      bcrypt-ruby (~> 2.1.2)
      orm_adapter (~> 0.0.3)
      warden (~> 1.0.3)
    diff-lcs (1.1.2)
    erubis (2.6.6)
      abstract (>= 1.0.0)
    faker (0.9.5)
      i18n (~> 0.4)
    ffi (1.0.9)
    ffi (1.0.9-x86-mingw32)
    fssm (0.2.7)
    haml (3.1.2)
    haml-rails (0.3.4)
      actionpack (~> 3.0)
      activesupport (~> 3.0)
      haml (~> 3.0)
      railties (~> 3.0)
    html5-boilerplate (1.0.0)
      compass (>= 0.11.1)
    i18n (0.5.0)
    json_pure (1.5.1)
    launchy (0.4.0)
      configuration (>= 0.0.5)
      rake (>= 0.8.1)
    machinist (2.0.0.beta2)
    mail (2.2.19)
      activesupport (>= 2.3.6)
      i18n (>= 0.4.0)
      mime-types (~> 1.16)
      treetop (~> 1.4.8)
    mime-types (1.16)
    money (3.7.1)
      i18n (~> 0.4)
    moretea-awesome_nested_set (1.4.3.1)
      activerecord (~> 3.0.0)
    nokogiri (1.4.4)
    nokogiri (1.4.4-x86-mingw32)
    notifier (0.1.3)
    orm_adapter (0.0.5)
    polyglot (0.3.1)
    rack (1.2.3)
    rack-mount (0.6.14)
      rack (>= 1.0.0)
    rack-test (0.5.7)
      rack (>= 1.0)
    rails (3.0.6)
      actionmailer (= 3.0.6)
      actionpack (= 3.0.6)
      activerecord (= 3.0.6)
      activeresource (= 3.0.6)
      activesupport (= 3.0.6)
      bundler (~> 1.0)
      railties (= 3.0.6)
    railties (3.0.6)
      actionpack (= 3.0.6)
      activesupport (= 3.0.6)
      rake (>= 0.8.7)
      thor (~> 0.14.4)
    rake (0.9.2)
    rspec (2.6.0)
      rspec-core (~> 2.6.0)
      rspec-expectations (~> 2.6.0)
      rspec-mocks (~> 2.6.0)
    rspec-core (2.6.4)
    rspec-expectations (2.6.0)
      diff-lcs (~> 1.1.2)
    rspec-mocks (2.6.0)
    rspec-rails (2.6.1)
      actionpack (~> 3.0)
      activesupport (~> 3.0)
      railties (~> 3.0)
      rspec (~> 2.6.0)
    rubyzip (0.9.4)
    sanitize (2.0.2)
      nokogiri (~> 1.4.4)
    sass (3.1.2)
    selenium-webdriver (0.2.1)
      childprocess (>= 0.1.7)
      ffi (>= 1.0.7)
      json_pure
      rubyzip
    simple_form (1.4.0)
    sqlite3 (1.3.3)
    sqlite3 (1.3.3-x86-mingw32)
    steak (1.1.0)
      rspec (>= 1.3)
    test_notifier (0.3.6)
      notifier
    thor (0.14.6)
    timeliness (0.3.4)
    treetop (1.4.9)
      polyglot (>= 0.3.1)
    tzinfo (0.3.28)
    validates_timeliness (3.0.6)
      timeliness (~> 0.3.3)
    warden (1.0.4)
      rack (>= 1.0)
    xpath (0.1.4)
      nokogiri (~> 1.3)

PLATFORMS
  ruby
  x86-mingw32

DEPENDENCIES
  acts_as_commentable_with_threading
  acts_as_money!
  autotest-rails
  capybara
  compass
  database_cleaner
  devise
  dotiw!
  faker
  haml-rails
  html5-boilerplate
  launchy
  machinist (>= 2.0.0.beta2)
  rails (= 3.0.6)
  rspec-rails
  russian!
  sanitize
  simple_form
  sqlite3
  steak
  test_notifier
  validates_timeliness
